GIT
  remote: https://github.com/duckdb/minima.git
  revision: 4974c5325c40c60ac78ecc558a7c7eef6c86d3f3
  branch: master
  specs:
    minima (3.0.0.dev)
      jekyll (>= 3.5, < 5.0)
      jekyll-feed (~> 0.9)
      jekyll-seo-tag (~> 2.1)

GIT
  remote: https://github.com/duckdb/rouge.git
  revision: a867ab46a057b48579e1c840a8bd23df54cd9456
  branch: duckdb
  specs:
    rouge (3.3823.1)

GEM
  remote: https://rubygems.org/
  specs:
    addressable (2.8.7)
      public_suffix (>= 2.0.2, < 7.0)
    base64 (0.2.0)
    bigdecimal (3.1.9)
    coffee-script (2.4.1)
      coffee-script-source
      execjs
    coffee-script-source (1.11.1)
    colorator (1.1.0)
    concurrent-ruby (1.3.5)
    csv (3.3.2)
    dnsruby (1.72.3)
      base64 (~> 0.2.0)
      simpleidn (~> 0.2.1)
    em-websocket (0.5.3)
      eventmachine (>= 0.12.9)
      http_parser.rb (~> 0)
    ethon (0.16.0)
      ffi (>= 1.15.0)
    eventmachine (1.2.7)
    execjs (2.10.0)
    faraday (2.12.2)
      faraday-net_http (>= 2.0, < 3.5)
      json
      logger
    faraday-net_http (3.4.0)
      net-http (>= 0.5.0)
    ffi (1.17.1)
    forwardable-extended (2.6.0)
    github-pages-health-check (1.18.5)
      addressable (~> 2.3)
      dnsruby (~> 1.60)
      octokit (>= 4, < 10)
      public_suffix (>= 3.0, < 7.0)
      typhoeus (~> 1.3)
    google-protobuf (4.29.3-arm64-darwin)
      bigdecimal
      rake (>= 13)
    google-protobuf (4.29.3-x86_64-darwin)
      bigdecimal
      rake (>= 13)
    google-protobuf (4.29.3-x86_64-linux)
      bigdecimal
      rake (>= 13)
    http_parser.rb (0.8.0)
    i18n (1.14.7)
      concurrent-ruby (~> 1.0)
    jekyll (4.4.1)
      addressable (~> 2.4)
      base64 (~> 0.2)
      colorator (~> 1.0)
      csv (~> 3.0)
      em-websocket (~> 0.5)
      i18n (~> 1.0)
      jekyll-sass-converter (>= 2.0, < 4.0)
      jekyll-watch (~> 2.0)
      json (~> 2.6)
      kramdown (~> 2.3, >= 2.3.1)
      kramdown-parser-gfm (~> 1.0)
      liquid (~> 4.0)
      mercenary (~> 0.3, >= 0.3.6)
      pathutil (~> 0.9)
      rouge (>= 3.0, < 5.0)
      safe_yaml (~> 1.0)
      terminal-table (>= 1.8, < 4.0)
      webrick (~> 1.7)
    jekyll-avatar (0.8.0)
      jekyll (>= 3.0, < 5.0)
    jekyll-coffeescript (1.1.1)
      coffee-script (~> 2.2)
      coffee-script-source (~> 1.11.1)
    jekyll-default-layout (0.1.5)
      jekyll (>= 3.0, < 5.0)
    jekyll-feed (0.17.0)
      jekyll (>= 3.7, < 5.0)
    jekyll-gist (1.5.0)
      octokit (~> 4.2)
    jekyll-git-hash (0.1.1)
      jekyll (>= 3.9.2)
    jekyll-github-metadata (2.16.1)
      jekyll (>= 3.4, < 5.0)
      octokit (>= 4, < 7, != 4.4.0)
    jekyll-include-cache (0.2.1)
      jekyll (>= 3.7, < 5.0)
    jekyll-last-modified-at (1.3.2)
      jekyll (>= 3.7, < 5.0)
    jekyll-optional-front-matter (0.3.2)
      jekyll (>= 3.0, < 5.0)
    jekyll-paginate (1.1.0)
    jekyll-readme-index (0.3.0)
      jekyll (>= 3.0, < 5.0)
    jekyll-redirect-from (0.16.0)
      jekyll (>= 3.3, < 5.0)
    jekyll-relative-links (0.7.0)
      jekyll (>= 3.3, < 5.0)
    jekyll-sass-converter (3.1.0)
      sass-embedded (~> 1.75)
    jekyll-seo-tag (2.8.0)
      jekyll (>= 3.8, < 5.0)
    jekyll-sitemap (1.4.0)
      jekyll (>= 3.7, < 5.0)
    jekyll-swiss (1.0.0)
    jekyll-theme-architect (0.2.0)
      jekyll (> 3.5, < 5.0)
      jekyll-seo-tag (~> 2.0)
    jekyll-theme-cayman (0.2.0)
      jekyll (> 3.5, < 5.0)
      jekyll-seo-tag (~> 2.0)
    jekyll-theme-dinky (0.2.0)
      jekyll (> 3.5, < 5.0)
      jekyll-seo-tag (~> 2.0)
    jekyll-theme-hacker (0.2.0)
      jekyll (> 3.5, < 5.0)
      jekyll-seo-tag (~> 2.0)
    jekyll-theme-leap-day (0.2.0)
      jekyll (> 3.5, < 5.0)
      jekyll-seo-tag (~> 2.0)
    jekyll-theme-merlot (0.2.0)
      jekyll (> 3.5, < 5.0)
      jekyll-seo-tag (~> 2.0)
    jekyll-theme-midnight (0.2.0)
      jekyll (> 3.5, < 5.0)
      jekyll-seo-tag (~> 2.0)
    jekyll-theme-minimal (0.2.0)
      jekyll (> 3.5, < 5.0)
      jekyll-seo-tag (~> 2.0)
    jekyll-theme-modernist (0.2.0)
      jekyll (> 3.5, < 5.0)
      jekyll-seo-tag (~> 2.0)
    jekyll-theme-primer (0.6.0)
      jekyll (> 3.5, < 5.0)
      jekyll-github-metadata (~> 2.9)
      jekyll-seo-tag (~> 2.0)
    jekyll-theme-slate (0.2.0)
      jekyll (> 3.5, < 5.0)
      jekyll-seo-tag (~> 2.0)
    jekyll-theme-tactile (0.2.0)
      jekyll (> 3.5, < 5.0)
      jekyll-seo-tag (~> 2.0)
    jekyll-theme-time-machine (0.2.0)
      jekyll (> 3.5, < 5.0)
      jekyll-seo-tag (~> 2.0)
    jekyll-titles-from-headings (0.5.3)
      jekyll (>= 3.3, < 5.0)
    jekyll-toc (0.19.0)
      jekyll (>= 3.9)
      nokogiri (~> 1.12)
    jekyll-watch (2.2.1)
      listen (~> 3.0)
    json (2.9.1)
    kramdown (2.5.1)
      rexml (>= 3.3.9)
    kramdown-parser-gfm (1.1.0)
      kramdown (~> 2.0)
    liquid (4.0.4)
    listen (3.9.0)
      rb-fsevent (~> 0.10, >= 0.10.3)
      rb-inotify (~> 0.9, >= 0.9.10)
    logger (1.6.5)
    mercenary (0.4.0)
    mini_portile2 (2.8.8)
    net-http (0.6.0)
      uri
    nokogiri (1.18.2)
      mini_portile2 (~> 2.8.2)
      racc (~> 1.4)
    octokit (4.25.1)
      faraday (>= 1, < 3)
      sawyer (~> 0.9)
    pathutil (0.16.2)
      forwardable-extended (~> 2.6)
    public_suffix (6.0.1)
    racc (1.8.1)
    rake (13.2.1)
    rb-fsevent (0.11.2)
    rb-inotify (0.11.1)
      ffi (~> 1.0)
    rexml (3.4.0)
    safe_yaml (1.0.5)
    sass (3.7.4)
      sass-listen (~> 4.0.0)
    sass-embedded (1.83.4)
      google-protobuf (~> 4.29)
      rake (>= 13)
    sass-listen (4.0.0)
      rb-fsevent (~> 0.9, >= 0.9.4)
      rb-inotify (~> 0.9, >= 0.9.7)
    sawyer (0.9.2)
      addressable (>= 2.3.5)
      faraday (>= 0.17.3, < 3)
    simpleidn (0.2.3)
    terminal-table (3.0.2)
      unicode-display_width (>= 1.1.1, < 3)
    typhoeus (1.4.1)
      ethon (>= 0.9.0)
    unicode-display_width (2.6.0)
    uri (1.0.2)
    webrick (1.9.1)
    word_wrap (1.0.0)

PLATFORMS
  arm64-darwin
  x86_64-darwin
  x86_64-linux

DEPENDENCIES
  github-pages-health-check (= 1.18.5)
  jekyll (= 4.4.1)
  jekyll-avatar (= 0.8.0)
  jekyll-coffeescript (= 1.1.1)
  jekyll-default-layout (= 0.1.5)
  jekyll-feed (= 0.17.0)
  jekyll-gist (= 1.5.0)
  jekyll-git-hash
  jekyll-github-metadata (= 2.16.1)
  jekyll-include-cache (= 0.2.1)
  jekyll-last-modified-at
  jekyll-optional-front-matter (= 0.3.2)
  jekyll-paginate (= 1.1.0)
  jekyll-readme-index (= 0.3.0)
  jekyll-redirect-from (= 0.16.0)
  jekyll-relative-links (= 0.7.0)
  jekyll-sass-converter (= 3.1.0)
  jekyll-seo-tag (= 2.8.0)
  jekyll-sitemap (= 1.4.0)
  jekyll-swiss (= 1.0.0)
  jekyll-theme-architect (= 0.2.0)
  jekyll-theme-cayman (= 0.2.0)
  jekyll-theme-dinky (= 0.2.0)
  jekyll-theme-hacker (= 0.2.0)
  jekyll-theme-leap-day (= 0.2.0)
  jekyll-theme-merlot (= 0.2.0)
  jekyll-theme-midnight (= 0.2.0)
  jekyll-theme-minimal (= 0.2.0)
  jekyll-theme-modernist (= 0.2.0)
  jekyll-theme-primer (= 0.6.0)
  jekyll-theme-slate (= 0.2.0)
  jekyll-theme-tactile (= 0.2.0)
  jekyll-theme-time-machine (= 0.2.0)
  jekyll-titles-from-headings (= 0.5.3)
  jekyll-toc (~> 0.19.0)
  kramdown (= 2.5.1)
  kramdown-parser-gfm (= 1.1.0)
  liquid (= 4.0.4)
  minima!
  rouge!
  safe_yaml (= 1.0.5)
  sass (= 3.7.4)
  webrick (~> 1.9)
  word_wrap (~> 1.0)

BUNDLED WITH
   2.5.18
